GEM
  remote: http://rubygems.org/
  specs:
    rack (1.2.1)
    redis (2.1.1)
    ruby-hmac (0.4.0)
    sinatra (1.1.2)
      rack (~> 1.1)
      tilt (~> 1.2)
    tilt (1.2.1)

PLATFORMS
  ruby

DEPENDENCIES
  redis
  ruby-hmac
  sinatra
