GEM
  remote: http://rubygems.org/
  specs:
    artifice (0.6)
      rack-test
    builder (3.0.0)
    cucumber (1.2.1)
      builder (>= 2.1.2)
      diff-lcs (>= 1.1.3)
      gherkin (~> 2.11.0)
      json (>= 1.4.6)
    diff-lcs (1.1.3)
    gherkin (2.11.1)
      json (>= 1.4.6)
    json (1.7.3)
    rack (1.4.1)
    rack-test (0.6.1)
      rack (>= 1.0)
    rspec (2.10.0)
      rspec-core (~> 2.10.0)
      rspec-expectations (~> 2.10.0)
      rspec-mocks (~> 2.10.0)
    rspec-core (2.10.1)
    rspec-expectations (2.10.0)
      diff-lcs (~> 1.1.3)
    rspec-mocks (2.10.1)
    shotgun (0.9)
      rack (>= 1.0)

PLATFORMS
  ruby

DEPENDENCIES
  artifice (= 0.6)
  bundler (= 1.1.4)
  cucumber (= 1.2.1)
  rspec (= 2.10.0)
  shotgun (= 0.9)
